PATH
  remote: .
  specs:
    split_logger (2.0.0)

GEM
  remote: https://rubygems.org/
  specs:
    metaclass (0.0.2)
    minitest (5.2.1)
    mocha (1.0.0)
      metaclass (~> 0.0.1)
    rake (10.1.1)

PLATFORMS
  ruby

DEPENDENCIES
  bundler (~> 1.5)
  minitest
  mocha
  rake
  split_logger!
